GEM
  remote: https://rubygems.org/
  specs:
    activesupport (5.1.1)
      concurrent-ruby (~> 1.0, >= 1.0.2)
      i18n (~> 0.7)
      minitest (~> 5.1)
      tzinfo (~> 1.1)
    awesome_print (1.7.0)
    coderay (1.1.1)
    concurrent-ruby (1.0.5)
    dotenv (2.2.1)
    i18n (0.8.4)
    jira-ruby (1.2.0)
      activesupport
      oauth (~> 0.5, >= 0.5.0)
    method_source (0.8.2)
    minitest (5.10.2)
    mustache (1.0.5)
    oauth (0.5.3)
    pry (0.10.4)
      coderay (~> 1.1.0)
      method_source (~> 0.8.1)
      slop (~> 3.4)
    slop (3.6.0)
    thread_safe (0.3.6)
    tzinfo (1.2.3)
      thread_safe (~> 0.1)

PLATFORMS
  ruby

DEPENDENCIES
  awesome_print (~> 1.7)
  dotenv (~> 2.1, >= 2.1.1)
  jira-ruby (~> 1.1)
  mustache (~> 1.0)
  pry (~> 0.10.4)

BUNDLED WITH
   1.14.6
